PATH
  remote: .
  specs:
    buzzsprout (0.0.6)
      hashie (~> 1.0.0)
      httparty (~> 0.5.2)

GEM
  remote: http://rubygems.org/
  specs:
    crack (0.1.6)
    fakeweb (1.2.8)
    hashie (1.0.0)
    httparty (0.5.2)
      crack (= 0.1.6)
    jnunemaker-matchy (0.4.0)
    metaclass (0.0.1)
    mocha (0.10.0)
      metaclass (~> 0.0.1)
    rake (0.9.2)
    shoulda (2.11.3)

PLATFORMS
  ruby

DEPENDENCIES
  buzzsprout!
  fakeweb (~> 1.2.5)
  jnunemaker-matchy (= 0.4.0)
  mocha (>= 0.9.4)
  rake (~> 0.9.0)
  shoulda (~> 2.11.0)
